PATH
  remote: .
  specs:
    johac (0.9.2)
      faraday (~> 0.15.2, >= 0.9.2)
      faraday_middleware (~> 0.12.2)
      net-http-persistent (~> 2.9, >= 2.9.4)

GEM
  remote: https://rubygems.org/
  specs:
    addressable (2.5.2)
      public_suffix (>= 2.0.2, < 4.0)
    crack (0.4.3)
      safe_yaml (~> 1.0.0)
    faraday (0.15.2)
      multipart-post (>= 1.2, < 3)
    faraday_middleware (0.12.2)
      faraday (>= 0.7.4, < 1.0)
    hashdiff (0.3.7)
    minitest (4.7.5)
    multipart-post (2.0.0)
    net-http-persistent (2.9.4)
    public_suffix (3.0.2)
    rack (1.6.10)
    rake (10.5.0)
    safe_yaml (1.0.4)
    webmock (3.3.0)
      addressable (>= 2.3.6)
      crack (>= 0.3.2)
      hashdiff
    yard (0.9.14)

PLATFORMS
  ruby

DEPENDENCIES
  johac!
  minitest (~> 4.7, >= 4.7.5)
  rack (~> 1.4)
  rake (~> 10.4, >= 10.4.2)
  webmock (~> 3.3.0)
  yard (~> 0.9.11)

BUNDLED WITH
   1.16.0
